NUGET
  remote: https://www.nuget.org/api/v2
  specs:
    IntelliFactory.Xml (0.6.63.95)
    Microsoft.Owin (3.0.1)
      Owin (>= 1.0)
    Microsoft.Owin.Diagnostics (3.0.1)
      Microsoft.Owin (>= 3.0.1)
      Owin (>= 1.0)
    Microsoft.Owin.FileSystems (3.0.1)
    Microsoft.Owin.Host.HttpListener (3.0.1)
    Microsoft.Owin.Hosting (3.0.1)
      Microsoft.Owin (>= 3.0.1)
      Owin (>= 1.0)
    Microsoft.Owin.SelfHost (3.0.1)
      Microsoft.Owin (>= 3.0.1)
      Microsoft.Owin.Diagnostics (>= 3.0.1)
      Microsoft.Owin.Host.HttpListener (>= 3.0.1)
      Microsoft.Owin.Hosting (>= 3.0.1)
      Owin (>= 1.0)
    Microsoft.Owin.StaticFiles (3.0.1)
      Microsoft.Owin (>= 3.0.1)
      Microsoft.Owin.FileSystems (>= 3.0.1)
      Owin (>= 1.0)
    Owin (1.0)
    WebSharper (3.6.11.234)
    WebSharper.Compiler (3.6.11.234)
      WebSharper (>= 3.6.11.234)
    WebSharper.Html (3.6.9.21)
      IntelliFactory.Xml (>= 0.6.63.95)
      WebSharper (>= 3.6.11.234)
    WebSharper.Owin (3.6.10.125)
      Microsoft.Owin (>= 3.0.1)
      Owin (>= 1.0)
      WebSharper (>= 3.6.11.234)
    WebSharper.UI.Next (3.6.11.207)
      WebSharper (>= 3.6.11.234)
    WebSharper.Warp (3.6.16.97)
      Microsoft.Owin (>= 3.0.1)
      Microsoft.Owin.Diagnostics (>= 3.0.1)
      Microsoft.Owin.FileSystems (>= 3.0.1)
      Microsoft.Owin.Host.HttpListener (>= 3.0.1)
      Microsoft.Owin.Hosting (>= 3.0.1)
      Microsoft.Owin.SelfHost (>= 3.0.1)
      Microsoft.Owin.StaticFiles (>= 3.0.1)
      Owin (>= 1.0)
      WebSharper (>= 3.6.11.234)
      WebSharper.Compiler (>= 3.6.11.234)
      WebSharper.Html (>= 3.6.9.21)
      WebSharper.Owin (>= 3.6.10.125)
      WebSharper.UI.Next (>= 3.6.11.207)
